GEM
  remote: http://rubygems.org/
  specs:
    addressable (2.3.5)
    ast (1.1.0)
    backports (3.3.3)
    builder (3.2.2)
    crack (0.4.1)
      safe_yaml (~> 0.9.0)
    diff-lcs (1.2.4)
    gherkin (2.12.0)
      multi_json (~> 1.3)
    mime-types (1.23)
    mini_portile (0.5.1)
    multi_json (1.7.7)
    nokogiri (1.6.0)
      mini_portile (~> 0.5.0)
    parser (2.0.0.pre2)
      ast (~> 1.1)
      slop (~> 3.4, >= 3.4.5)
    powerpack (0.0.1)
    rainbow (1.1.4)
    rake (10.1.0)
    rest-client (1.6.7)
      mime-types (>= 1.16)
    rspec (2.14.1)
      rspec-core (~> 2.14.0)
      rspec-expectations (~> 2.14.0)
      rspec-mocks (~> 2.14.0)
    rspec-core (2.14.4)
    rspec-expectations (2.14.0)
      diff-lcs (>= 1.1.3, < 2.0)
    rspec-mocks (2.14.1)
    rubocop (0.10.0)
      backports (~> 3.3.3)
      parser (= 2.0.0.pre2)
      powerpack (= 0.0.1)
      rainbow (>= 1.1.4)
    safe_yaml (0.9.4)
    slop (3.4.6)
    turnip (1.1.0)
      gherkin (>= 2.5)
      rspec (~> 2.0)
    webmock (1.13.0)
      addressable (>= 2.2.7)
      crack (>= 0.3.2)
    yarjuf (1.0.5)
      builder
      rspec (>= 2.0)

PLATFORMS
  ruby

DEPENDENCIES
  nokogiri (~> 1.6.0)
  rake
  rest-client (~> 1.6.7)
  rspec
  rubocop
  turnip
  webmock (~> 1.13.0)
  yarjuf
