GEM
  remote: http://rubygems.org/
  specs:
    builder (3.2.2)
    diff-lcs (1.2.4)
    gherkin (2.12.0)
      multi_json (~> 1.3)
    mime-types (1.23)
    mini_portile (0.5.1)
    multi_json (1.7.7)
    nokogiri (1.6.0)
      mini_portile (~> 0.5.0)
    rake (10.1.0)
    rest-client (1.6.7)
      mime-types (>= 1.16)
    rspec (2.14.1)
      rspec-core (~> 2.14.0)
      rspec-expectations (~> 2.14.0)
      rspec-mocks (~> 2.14.0)
    rspec-core (2.14.2)
    rspec-expectations (2.14.0)
      diff-lcs (>= 1.1.3, < 2.0)
    rspec-mocks (2.14.1)
    turnip (1.1.0)
      gherkin (>= 2.5)
      rspec (~> 2.0)
    yarjuf (1.0.5)
      builder
      rspec (>= 2.0)

PLATFORMS
  ruby

DEPENDENCIES
  nokogiri (~> 1.6.0)
  rake
  rest-client
  rspec
  turnip
  yarjuf
